GEM
  remote: https://rubygems.org/
  specs:
    pdfkit (0.8.2)
    redcarpet (3.5.1)
    wkhtmltopdf-binary (0.12.3.1)

PLATFORMS
  ruby

DEPENDENCIES
  pdfkit
  redcarpet
  wkhtmltopdf-binary

RUBY VERSION
   ruby 2.5.1p57

BUNDLED WITH
   1.16.3
